GEM
  remote: https://rubygems.org/
  specs:
    ffi (1.15.4)
    listen (3.7.0)
      rb-fsevent (~> 0.10, >= 0.10.3)
      rb-inotify (~> 0.9, >= 0.9.10)
    rb-fsevent (0.11.0)
    rb-inotify (0.10.1)
      ffi (~> 1.0)

PLATFORMS
  x86_64-darwin-20

DEPENDENCIES
  listen

BUNDLED WITH
   2.2.29
